GEM
  remote: https://rubygems.org/
  specs:
    ast (2.4.2)
    byebug (11.1.3)
    coderay (1.1.3)
    dbf (4.2.0)
    diff-lcs (1.5.0)
    global_map_tiles (1.0.0)
    method_source (1.0.0)
    optparse (0.2.0)
    parallel (1.22.1)
    parser (3.1.1.0)
      ast (~> 2.4.1)
    pry (0.13.1)
      coderay (~> 1.1)
      method_source (~> 1.0)
    pry-byebug (3.9.0)
      byebug (~> 11.0)
      pry (~> 0.13.0)
    rainbow (3.1.1)
    regexp_parser (2.2.1)
    rexml (3.2.5)
    rgeo (2.4.0)
    rgeo-geojson (2.1.1)
      rgeo (>= 1.0.0)
    rgeo-proj4 (3.1.1)
      rgeo (~> 2.0)
    rgeo-shapefile (3.0.0)
      dbf (~> 4.0)
      rgeo (>= 1.0)
    rspec (3.11.0)
      rspec-core (~> 3.11.0)
      rspec-expectations (~> 3.11.0)
      rspec-mocks (~> 3.11.0)
    rspec-core (3.11.0)
      rspec-support (~> 3.11.0)
    rspec-expectations (3.11.0)
      diff-lcs (>= 1.2.0, < 2.0)
      rspec-support (~> 3.11.0)
    rspec-mocks (3.11.0)
      diff-lcs (>= 1.2.0, < 2.0)
      rspec-support (~> 3.11.0)
    rspec-support (3.11.0)
    rubocop (1.4.2)
      parallel (~> 1.10)
      parser (>= 2.7.1.5)
      rainbow (>= 2.2.2, < 4.0)
      regexp_parser (>= 1.8)
      rexml
      rubocop-ast (>= 1.1.1)
      ruby-progressbar (~> 1.7)
      unicode-display_width (>= 1.4.0, < 2.0)
    rubocop-ast (1.16.0)
      parser (>= 3.1.1.0)
    rubocop-performance (1.9.1)
      rubocop (>= 0.90.0, < 2.0)
      rubocop-ast (>= 0.4.0)
    ruby-progressbar (1.11.0)
    rubyzip (2.3.2)
    standard (0.10.2)
      rubocop (= 1.4.2)
      rubocop-performance (= 1.9.1)
    unicode-display_width (1.8.0)

PLATFORMS
  arm64-darwin-21

DEPENDENCIES
  global_map_tiles
  optparse
  pry
  pry-byebug
  rgeo
  rgeo-geojson
  rgeo-proj4
  rgeo-shapefile
  rspec
  rubyzip
  standard

BUNDLED WITH
   2.3.3
